PATH
  remote: .
  specs:
    fastlane (0.1.7)
      colored
      commander (~> 4.2.0)
      credentials_manager
      deliver (>= 0.5.0)
      frameit (>= 0.2.0)
      highline (~> 1.6.21)
      json
      nokogiri (~> 1.6.5)
      pem (>= 0.3.0)
      produce (>= 0.1.0)
      shenzhen (~> 0.11.0)
      sigh (>= 0.2.0)
      slack-notifier (~> 1.0)
      snapshot (>= 0.4.0)

GEM
  remote: https://rubygems.org/
  specs:
    addressable (2.3.7)
    aws-sdk (1.61.0)
      aws-sdk-v1 (= 1.61.0)
    aws-sdk-v1 (1.61.0)
      json (~> 1.4)
      nokogiri (>= 1.4.4)
    capybara (2.4.4)
      mime-types (>= 1.16)
      nokogiri (>= 1.3.3)
      rack (>= 1.0.0)
      rack-test (>= 0.5.4)
      xpath (~> 2.0)
    cliver (0.3.2)
    codeclimate-test-reporter (0.4.6)
      simplecov (>= 0.7.1, < 1.0.0)
    coderay (1.1.0)
    colored (1.2)
    commander (4.2.1)
      highline (~> 1.6.11)
    crack (0.4.2)
      safe_yaml (~> 1.0.0)
    credentials_manager (0.1.2)
      colored
      highline (~> 1.6.21)
      security (~> 0.1.3)
    deliver (0.7.7)
      capybara (~> 2.4.3)
      colored
      commander (~> 4.2.0)
      credentials_manager
      fastimage (~> 1.6.3)
      highline (~> 1.6.21)
      json
      multi_json
      nokogiri (~> 1.6.5)
      phantomjs (~> 1.9.8)
      plist (~> 3.1.0)
      poltergeist (~> 1.5.1)
      prawn
      rubyzip (~> 1.1.6)
    diff-lcs (1.2.5)
    docile (1.1.5)
    dotenv (0.11.1)
      dotenv-deployment (~> 0.0.2)
    dotenv-deployment (0.0.2)
    faraday (0.8.9)
      multipart-post (~> 1.2.0)
    faraday_middleware (0.9.1)
      faraday (>= 0.7.4, < 0.10)
    fastimage (1.6.6)
      addressable (~> 2.3, >= 2.3.5)
    frameit (0.2.1)
      colored
      commander (~> 4.2.0)
      deliver (> 0.3)
      fastimage (~> 1.6.3)
      highline (~> 1.6.21)
      json
      mini_magick (~> 4.0.2)
    highline (1.6.21)
    json (1.8.2)
    method_source (0.8.2)
    mime-types (2.4.3)
    mini_magick (4.0.4)
    mini_portile (0.6.2)
    multi_json (1.10.1)
    multipart-post (1.2.0)
    net-sftp (2.1.2)
      net-ssh (>= 2.6.5)
    net-ssh (2.9.2)
    nokogiri (1.6.6.2)
      mini_portile (~> 0.6.0)
    pdf-core (0.4.0)
    pem (0.3.2)
      capybara (~> 2.4.3)
      colored
      commander (~> 4.2.0)
      credentials_manager
      highline (~> 1.6.21)
      json
      phantomjs (~> 1.9.8)
      poltergeist (~> 1.5.1)
    phantomjs (1.9.8.0)
    plist (3.1.0)
    poltergeist (1.5.1)
      capybara (~> 2.1)
      cliver (~> 0.3.1)
      multi_json (~> 1.0)
      websocket-driver (>= 0.2.0)
    prawn (1.3.0)
      pdf-core (~> 0.4.0)
      ttfunk (~> 1.4.0)
    produce (0.1.3)
      capybara (~> 2.4.3)
      colored
      commander (~> 4.2.0)
      credentials_manager
      highline (~> 1.6.21)
      json
      phantomjs (~> 1.9.8)
      poltergeist (~> 1.5.1)
    pry (0.10.1)
      coderay (~> 1.1.0)
      method_source (~> 0.8.1)
      slop (~> 3.4)
    rack (1.6.0)
    rack-test (0.6.3)
      rack (>= 1.0)
    rake (10.4.2)
    rspec (3.1.0)
      rspec-core (~> 3.1.0)
      rspec-expectations (~> 3.1.0)
      rspec-mocks (~> 3.1.0)
    rspec-core (3.1.7)
      rspec-support (~> 3.1.0)
    rspec-expectations (3.1.2)
      diff-lcs (>= 1.2.0, < 2.0)
      rspec-support (~> 3.1.0)
    rspec-mocks (3.1.3)
      rspec-support (~> 3.1.0)
    rspec-support (3.1.2)
    rubyzip (1.1.7)
    safe_yaml (1.0.4)
    security (0.1.3)
    shenzhen (0.11.1)
      aws-sdk (~> 1.0)
      commander (~> 4.1)
      dotenv (~> 0.7)
      faraday (~> 0.8.9)
      faraday_middleware (~> 0.9)
      json (~> 1.8)
      net-sftp (~> 2.1.2)
      plist (~> 3.1.0)
      rubyzip (~> 1.1)
      security (~> 0.1.3)
      terminal-table (~> 1.4.5)
    sigh (0.2.4)
      capybara (~> 2.4.3)
      colored
      commander (~> 4.2.0)
      credentials_manager
      highline (~> 1.6.21)
      json
      phantomjs (~> 1.9.8)
      poltergeist (~> 1.5.1)
    simplecov (0.9.1)
      docile (~> 1.1.0)
      multi_json (~> 1.0)
      simplecov-html (~> 0.8.0)
    simplecov-html (0.8.0)
    slack-notifier (1.0.0)
    slop (3.6.0)
    snapshot (0.4.7)
      colored
      commander (~> 4.2.0)
      fastimage (~> 1.6.3)
      highline (~> 1.6.21)
      json
    terminal-table (1.4.5)
    ttfunk (1.4.0)
    webmock (1.19.0)
      addressable (>= 2.3.6)
      crack (>= 0.3.2)
    websocket-driver (0.5.1)
      websocket-extensions (>= 0.1.0)
    websocket-extensions (0.1.1)
    xpath (2.0.0)
      nokogiri (~> 1.3)
    yard (0.8.7.6)

PLATFORMS
  ruby

DEPENDENCIES
  bundler
  codeclimate-test-reporter
  fastlane!
  pry
  rake
  rspec (~> 3.1.0)
  webmock (~> 1.19.0)
  yard (~> 0.8.7.4)
